PATH
  remote: .
  specs:
    nats (0.11.2)
      eventmachine (~> 1.2, >= 1.2)

GEM
  remote: http://rubygems.org/
  specs:
    base32 (0.3.4)
    daemons (1.4.1)
    diff-lcs (1.5.0)
    ed25519 (1.3.0)
    eventmachine (1.2.7)
    json_pure (2.6.3)
    nkeys (0.1.0)
      base32 (~> 0.3)
      ed25519 (~> 1.2)
    rack (3.0.4.1)
    rake (13.0.6)
    rspec (3.12.0)
      rspec-core (~> 3.12.0)
      rspec-expectations (~> 3.12.0)
      rspec-mocks (~> 3.12.0)
    rspec-core (3.12.0)
      rspec-support (~> 3.12.0)
    rspec-expectations (3.12.2)
      diff-lcs (>= 1.2.0, < 2.0)
      rspec-support (~> 3.12.0)
    rspec-mocks (3.12.3)
      diff-lcs (>= 1.2.0, < 2.0)
      rspec-support (~> 3.12.0)
    rspec-support (3.12.0)
    thin (1.6.2)
      daemons (>= 1.0.9)
      eventmachine (>= 1.0.0)
      rack (>= 1.0.0)

PLATFORMS
  ruby

DEPENDENCIES
  daemons
  json_pure
  nats!
  nkeys
  rack (>= 2.0.6)
  rake
  rspec
  thin

BUNDLED WITH
   2.4.4
